PATH
  remote: .
  specs:
    guttapercha (1.0.1)

GEM
  remote: https://rubygems.org/
  specs:
    builder (3.2.2)
    ci_reporter (2.0.0)
      builder (>= 2.1.2)
    ci_reporter_minitest (1.0.0)
      ci_reporter (~> 2.0)
      minitest (~> 5.0)
    minitest (5.5.1)
    rake (10.4.2)

PLATFORMS
  ruby

DEPENDENCIES
  ci_reporter_minitest (~> 1.0)
  guttapercha!
  minitest (~> 5.0)
  rake

BUNDLED WITH
   1.11.2
